GIT
  remote: https://github.com/dennis1088/diceware
  revision: 74c8504ddadadd525c2aa7f2e3867e1dba79f0e4
  specs:
    diceware (0.1.0)

GEM
  remote: https://rubygems.org/
  specs:
    mustermann (2.0.2)
      ruby2_keywords (~> 0.0.1)
    rack (2.2.4)
    rack-protection (2.2.3)
      rack
    ruby2_keywords (0.0.5)
    sinatra (2.2.3)
      mustermann (~> 2.0)
      rack (~> 2.2)
      rack-protection (= 2.2.3)
      tilt (~> 2.0)
    tilt (2.0.11)

PLATFORMS
  ruby

DEPENDENCIES
  diceware!
  sinatra!

BUNDLED WITH
   1.13.3
