GIT
  remote: https://github.com/dennis1088/diceware
  revision: 74c8504ddadadd525c2aa7f2e3867e1dba79f0e4
  specs:
    diceware (0.1.0)

GEM
  remote: https://rubygems.org/
  specs:
    mustermann (1.0.0)
    rack (2.0.3)
    rack-protection (2.0.0)
      rack
    sinatra (2.0.0)
      mustermann (~> 1.0)
      rack (~> 2.0)
      rack-protection (= 2.0.0)
      tilt (~> 2.0)
    tilt (2.0.8)

PLATFORMS
  ruby

DEPENDENCIES
  diceware!
  sinatra!

BUNDLED WITH
   1.13.3
