GIT
  remote: https://github.com/dennis1088/diceware
  revision: 2a156d90fba0ba4f689fcdfb007d0bee5e977378
  specs:
    diceware (0.1.0)

GEM
  remote: https://rubygems.org/
  specs:
    mustermann (1.0.0)
    rack (2.0.1)
    rack-protection (2.0.0)
      rack
    sinatra (2.0.0)
      mustermann (~> 1.0)
      rack (~> 2.0)
      rack-protection (= 2.0.0)
      tilt (~> 2.0)
    tilt (2.0.5)

PLATFORMS
  ruby

DEPENDENCIES
  diceware!
  sinatra!

BUNDLED WITH
   1.13.3
